GEM
  remote: http://rubygems.org/
  specs:
    meta_tools (0.1.0)
    mime-types (1.16)
    rack (1.2.2)

PLATFORMS
  ruby

DEPENDENCIES
  meta_tools
  mime-types
  rack
